{
	"Modality": "MR",
	"MagneticFieldStrength": 3,
	"ImagingFrequency": 123.253,
	"Manufacturer": "Siemens",
	"ManufacturersModelName": "Prisma_fit",
	"InstitutionName": "CBIC",
	"InstitutionalDepartmentName": "Department",
	"InstitutionAddress": "E_72nd_Street_516_NYC_NYC_US_10021",
	"DeviceSerialNumber": "67080",
	"StationName": "MRTRIO3TX72",
	"BodyPartExamined": "BRAIN",
	"PatientPosition": "HFS",
	"ProcedureStepDescription": "MRI_BRAIN_WO_CONTRAST",
	"SoftwareVersions": "syngo_MR_E11",
	"MRAcquisitionType": "2D",
	"SeriesDescription": "t2_tse_tra_448_.5x.5x1.5mm",
	"ProtocolName": "t2_tse_tra_448_.5x.5x1.5mm",
	"ScanningSequence": "SE",
	"SequenceVariant": "SK_SP_OSP",
	"SequenceName": "_tse2d1_11",
	"ImageType": ["ORIGINAL", "PRIMARY", "M", "ND", "NORM"],
	"SeriesNumber": 43,
	"AcquisitionTime": "12:33:54.160000",
	"AcquisitionNumber": 1,
	"SliceThickness": 1.5,
	"SpacingBetweenSlices": 1.5,
	"SAR": 0.385208,
	"EchoTime": 0.104,
	"RepetitionTime": 6.1,
	"FlipAngle": 150,
	"PartialFourier": 1,
	"BaseResolution": 448,
	"ShimSetting": [
		189,
		-10385,
		-5860,
		89,
		-9,
		-50,
		-19,
		-1	],
	"TxRefAmp": 218.551,
	"PhaseResolution": 1,
	"ReceiveCoilName": "Head_32",
	"ReceiveCoilActiveElements": "HEA;HEP",
	"PulseSequenceDetails": "%SiemensSeq%_tse",
	"ConsistencyInfo": "N4_VE11B_LATEST_20150530",
	"PercentPhaseFOV": 100,
	"PercentSampling": 100,
	"EchoTrainLength": 11,
	"PhaseEncodingSteps": 451,
	"AcquisitionMatrixPE": 448,
	"ReconMatrixPE": 448,
	"PixelBandwidth": 225,
	"DwellTime": 5e-06,
	"PhaseEncodingDirection": "j",
	"SliceTiming": [
		3.04688,
		0,
		3.1875,
		0.14062,
		3.32812,
		0.28125,
		3.46875,
		0.42188,
		3.60938,
		0.55469,
		3.74219,
		0.69531,
		3.88281,
		0.83594,
		4.02344,
		0.97656,
		4.16406,
		1.10938,
		4.29688,
		1.25,
		4.4375,
		1.39062,
		4.57812,
		1.52344,
		4.71875,
		1.66406,
		4.85156,
		1.80469,
		4.99219,
		1.94531,
		5.13281,
		2.07812,
		5.27344,
		2.21875,
		5.40625,
		2.35938,
		5.54688,
		2.5,
		5.6875,
		2.63281,
		5.82031,
		2.77344,
		5.96094,
		2.91406	],
	"ImageOrientationPatientDICOM": [
		0.998419,
		0.037944,
		0.0414771,
		0.00572936,
		0.665306,
		-0.746548	],
	"InPlanePhaseEncodingDirectionDICOM": "COL",
	"ConversionSoftware": "dcm2niix",
	"ConversionSoftwareVersion": "v1.0.20200331"
}
