{
	"Modality": "MR",
	"MagneticFieldStrength": 3,
	"ImagingFrequency": 123.253,
	"Manufacturer": "Siemens",
	"ManufacturersModelName": "Prisma_fit",
	"InstitutionName": "CBIC",
	"InstitutionalDepartmentName": "Department",
	"InstitutionAddress": "E_72nd_Street_516_NYC_NYC_US_10021",
	"DeviceSerialNumber": "67080",
	"StationName": "MRTRIO3TX72",
	"BodyPartExamined": "BRAIN",
	"PatientPosition": "HFS",
	"ProcedureStepDescription": "ROCKEFELLER_FREIWALD",
	"SoftwareVersions": "syngo_MR_E11",
	"MRAcquisitionType": "2D",
	"SeriesDescription": "SpinEchoFieldMap_PA_2p4x2p5mm_48Slice",
	"ProtocolName": "SpinEchoFieldMap_PA_2p4x2p5mm_48Slice",
	"ScanningSequence": "EP",
	"SequenceVariant": "SK_SP",
	"ScanOptions": "PFP_FS",
	"SequenceName": "_epse2d1_84",
	"ImageType": [
		"ORIGINAL",
		"PRIMARY",
		"M",
		"ND"
	],
	"SeriesNumber": 35,
	"AcquisitionTime": "18:05:21.900000",
	"AcquisitionNumber": 1,
	"SliceThickness": 2.5,
	"SpacingBetweenSlices": 2.5,
	"SAR": 0.0260643,
	"EchoTime": 0.075,
	"RepetitionTime": 7.08,
	"FlipAngle": 90,
	"PartialFourier": 0.875,
	"BaseResolution": 84,
	"ShimSetting": [230,-10493,-5570,575,69,-275,51,8],
	"TxRefAmp": 230.408,
	"PhaseResolution": 1,
	"ReceiveCoilName": "Head_32",
	"ReceiveCoilActiveElements": "HEA;HEP",
	"PulseSequenceDetails": "%SiemensSeq%_ep2d_se",
	"RefLinesPE": 24,
	"ConsistencyInfo": "N4_VE11B_LATEST_20150530",
	"PercentPhaseFOV": 100,
	"PercentSampling": 100,
	"EchoTrainLength": 36,
	"PhaseEncodingSteps": 73,
	"AcquisitionMatrixPE": 84,
	"ReconMatrixPE": 84,
	"BandwidthPerPixelPhaseEncode": 46.685,
	"ParallelReductionFactorInPlane": 2,
	"EffectiveEchoSpacing": 0.000255002,
	"DerivedVendorReportedEchoSpacing": 0.000510004,
	"TotalReadoutTime": 0.0211652,
	"PixelBandwidth": 2705,
	"DwellTime": 2.2e-06,
	"PhaseEncodingDirection": "j",
	"SliceTiming": [0,9.25,18.5,0.4375,9.6875,18.9375,0.875,10.125,19.3906,1.32812,10.5781,19.8281,1.76562,11.0156,20.2656,2.20312,11.4531,20.7188,2.65625,11.9062,21.1562,3.09375,12.3438,21.5938,3.53125,12.7812,22.0469,3.96875,13.2344,22.4844,4.42188,13.6719,22.9219,4.85938,14.1094,23.375,5.29688,14.5625,23.8125,5.75,15,24.25,6.1875,15.4375,24.7031,6.625,15.8906,25.1406],
	"ImageOrientationPatientDICOM": [0.9991,-0.0186511,0.0380869,0.00540565,0.94678,0.321835],
	"InPlanePhaseEncodingDirectionDICOM": "COL",
	"ConversionSoftware": "dcm2niix",
	"ConversionSoftwareVersion": "v1.0.20200331",
	"IntendedFor": [
		"func/sub-ident06_task-famsemantic_run-05_echo-1_sbref.nii.gz",
		"func/sub-ident06_task-famsemantic_run-05_echo-2_sbref.nii.gz",
		"func/sub-ident06_task-famsemantic_run-05_echo-3_sbref.nii.gz",
		"func/sub-ident06_task-famsemantic_run-05_echo-4_sbref.nii.gz",
		"func/sub-ident06_task-famsemantic_run-05_echo-5_sbref.nii.gz",
		"func/sub-ident06_task-famsemantic_run-05_echo-1_bold.nii.gz",
		"func/sub-ident06_task-famsemantic_run-05_echo-2_bold.nii.gz",
		"func/sub-ident06_task-famsemantic_run-05_echo-3_bold.nii.gz",
		"func/sub-ident06_task-famsemantic_run-05_echo-4_bold.nii.gz",
		"func/sub-ident06_task-famsemantic_run-05_echo-5_bold.nii.gz",
		"func/sub-ident06_task-dyloc_run-05_echo-1_sbref.nii.gz",
		"func/sub-ident06_task-dyloc_run-05_echo-2_sbref.nii.gz",
		"func/sub-ident06_task-dyloc_run-05_echo-3_sbref.nii.gz",
		"func/sub-ident06_task-dyloc_run-05_echo-4_sbref.nii.gz",
		"func/sub-ident06_task-dyloc_run-05_echo-5_sbref.nii.gz",
		"func/sub-ident06_task-dyloc_run-05_echo-1_bold.nii.gz",
		"func/sub-ident06_task-dyloc_run-05_echo-2_bold.nii.gz",
		"func/sub-ident06_task-dyloc_run-05_echo-3_bold.nii.gz",
		"func/sub-ident06_task-dyloc_run-05_echo-4_bold.nii.gz",
		"func/sub-ident06_task-dyloc_run-05_echo-5_bold.nii.gz",
		"func/sub-ident06_task-dyloc_run-06_echo-1_sbref.nii.gz",
		"func/sub-ident06_task-dyloc_run-06_echo-2_sbref.nii.gz",
		"func/sub-ident06_task-dyloc_run-06_echo-3_sbref.nii.gz",
		"func/sub-ident06_task-dyloc_run-06_echo-4_sbref.nii.gz",
		"func/sub-ident06_task-dyloc_run-06_echo-5_sbref.nii.gz",
		"func/sub-ident06_task-dyloc_run-06_echo-1_bold.nii.gz",
		"func/sub-ident06_task-dyloc_run-06_echo-2_bold.nii.gz",
		"func/sub-ident06_task-dyloc_run-06_echo-3_bold.nii.gz",
		"func/sub-ident06_task-dyloc_run-06_echo-4_bold.nii.gz",
		"func/sub-ident06_task-dyloc_run-06_echo-5_bold.nii.gz",
		"func/sub-ident06_task-rest_run-03_echo-1_sbref.nii.gz",
		"func/sub-ident06_task-rest_run-03_echo-2_sbref.nii.gz",
		"func/sub-ident06_task-rest_run-03_echo-3_sbref.nii.gz",
		"func/sub-ident06_task-rest_run-03_echo-4_sbref.nii.gz",
		"func/sub-ident06_task-rest_run-03_echo-5_sbref.nii.gz",
		"func/sub-ident06_task-rest_run-03_echo-1_bold.nii.gz",
		"func/sub-ident06_task-rest_run-03_echo-2_bold.nii.gz",
		"func/sub-ident06_task-rest_run-03_echo-3_bold.nii.gz",
		"func/sub-ident06_task-rest_run-03_echo-4_bold.nii.gz",
		"func/sub-ident06_task-rest_run-03_echo-5_bold.nii.gz",
		"func/sub-ident06_task-rest_run-04_echo-1_sbref.nii.gz",
		"func/sub-ident06_task-rest_run-04_echo-2_sbref.nii.gz",
		"func/sub-ident06_task-rest_run-04_echo-3_sbref.nii.gz",
		"func/sub-ident06_task-rest_run-04_echo-4_sbref.nii.gz",
		"func/sub-ident06_task-rest_run-04_echo-5_sbref.nii.gz",
		"func/sub-ident06_task-rest_run-04_echo-1_bold.nii.gz",
		"func/sub-ident06_task-rest_run-04_echo-2_bold.nii.gz",
		"func/sub-ident06_task-rest_run-04_echo-3_bold.nii.gz",
		"func/sub-ident06_task-rest_run-04_echo-4_bold.nii.gz",
		"func/sub-ident06_task-rest_run-04_echo-5_bold.nii.gz"
	]
}