{
	"Modality": "MR",
	"MagneticFieldStrength": 3,
	"ImagingFrequency": 123.253,
	"Manufacturer": "Siemens",
	"ManufacturersModelName": "Prisma_fit",
	"InstitutionName": "72ND_RAD",
	"InstitutionalDepartmentName": "Department",
	"InstitutionAddress": "E_72nd_Street_516_NYC_NYC_US_10021",
	"DeviceSerialNumber": "67080",
	"StationName": "MRTRIO3TX72",
	"BodyPartExamined": "BRAIN",
	"PatientPosition": "HFS",
	"ProcedureStepDescription": "MR_BRAIN_WITHOUT_IV_CONTRAST",
	"SoftwareVersions": "syngo_MR_E11",
	"MRAcquisitionType": "2D",
	"SeriesDescription": "SpinEchoFieldMap_AP_2p4x2p5mm_48Slice",
	"ProtocolName": "SpinEchoFieldMap_AP_2p4x2p5mm_48Slice",
	"ScanningSequence": "EP",
	"SequenceVariant": "SK_SP",
	"ScanOptions": "PFP_FS",
	"SequenceName": "_epse2d1_84",
	"ImageType": [
		"ORIGINAL",
		"PRIMARY",
		"M",
		"ND"
	],
	"SeriesNumber": 29,
	"AcquisitionTime": "13:11:50.407500",
	"AcquisitionNumber": 1,
	"SliceThickness": 2.5,
	"SpacingBetweenSlices": 2.5,
	"SAR": 0.0245621,
	"EchoTime": 0.075,
	"RepetitionTime": 7.08,
	"FlipAngle": 90,
	"PartialFourier": 0.875,
	"BaseResolution": 84,
	"ShimSetting": [193,-10421,-5561,409,-35,-148,62,34],
	"TxRefAmp": 270.823,
	"PhaseResolution": 1,
	"ReceiveCoilName": "Head_32",
	"ReceiveCoilActiveElements": "HEA;HEP",
	"PulseSequenceDetails": "%SiemensSeq%_ep2d_se",
	"RefLinesPE": 24,
	"ConsistencyInfo": "N4_VE11B_LATEST_20150530",
	"PercentPhaseFOV": 100,
	"PercentSampling": 100,
	"EchoTrainLength": 36,
	"PhaseEncodingSteps": 73,
	"AcquisitionMatrixPE": 84,
	"ReconMatrixPE": 84,
	"BandwidthPerPixelPhaseEncode": 46.685,
	"ParallelReductionFactorInPlane": 2,
	"EffectiveEchoSpacing": 0.000255002,
	"DerivedVendorReportedEchoSpacing": 0.000510004,
	"TotalReadoutTime": 0.0211652,
	"PixelBandwidth": 2705,
	"DwellTime": 2.2e-06,
	"PhaseEncodingDirection": "j-",
	"SliceTiming": [0,9.25,18.5156,0.4375,9.70312,18.9531,0.89062,10.1406,19.3906,1.32812,10.5781,19.8438,1.76562,11.0312,20.2812,2.21875,11.4688,20.7188,2.65625,11.9062,21.1562,3.09375,12.3594,21.6094,3.54688,12.7969,22.0469,3.98438,13.2344,22.4844,4.42188,13.6875,22.9375,4.875,14.125,23.375,5.3125,14.5625,23.8125,5.75,15.0156,24.2656,6.20312,15.4531,24.7031,6.64062,15.8906,25.1406],
	"ImageOrientationPatientDICOM": [0.999538,0.0198817,0.0229713,-0.0197156,0.9997779999999999,-0.00743581],
	"InPlanePhaseEncodingDirectionDICOM": "COL",
	"ConversionSoftware": "dcm2niix",
	"ConversionSoftwareVersion": "v1.0.20200331",
	"IntendedFor": [
		"func/sub-ident02_task-famvisual_run-05_echo-1_sbref.nii.gz",
		"func/sub-ident02_task-famvisual_run-05_echo-2_sbref.nii.gz",
		"func/sub-ident02_task-famvisual_run-05_echo-3_sbref.nii.gz",
		"func/sub-ident02_task-famvisual_run-05_echo-4_sbref.nii.gz",
		"func/sub-ident02_task-famvisual_run-05_echo-5_sbref.nii.gz",
		"func/sub-ident02_task-famvisual_run-05_echo-1_bold.nii.gz",
		"func/sub-ident02_task-famvisual_run-05_echo-2_bold.nii.gz",
		"func/sub-ident02_task-famvisual_run-05_echo-3_bold.nii.gz",
		"func/sub-ident02_task-famvisual_run-05_echo-4_bold.nii.gz",
		"func/sub-ident02_task-famvisual_run-05_echo-5_bold.nii.gz",
		"func/sub-ident02_task-rest_run-01_echo-1_sbref.nii.gz",
		"func/sub-ident02_task-rest_run-01_echo-2_sbref.nii.gz",
		"func/sub-ident02_task-rest_run-01_echo-3_sbref.nii.gz",
		"func/sub-ident02_task-rest_run-01_echo-4_sbref.nii.gz",
		"func/sub-ident02_task-rest_run-01_echo-5_sbref.nii.gz",
		"func/sub-ident02_task-rest_run-01_echo-1_bold.nii.gz",
		"func/sub-ident02_task-rest_run-01_echo-2_bold.nii.gz",
		"func/sub-ident02_task-rest_run-01_echo-3_bold.nii.gz",
		"func/sub-ident02_task-rest_run-01_echo-4_bold.nii.gz",
		"func/sub-ident02_task-rest_run-01_echo-5_bold.nii.gz",
		"func/sub-ident02_task-rest_run-02_echo-1_sbref.nii.gz",
		"func/sub-ident02_task-rest_run-02_echo-2_sbref.nii.gz",
		"func/sub-ident02_task-rest_run-02_echo-3_sbref.nii.gz",
		"func/sub-ident02_task-rest_run-02_echo-4_sbref.nii.gz",
		"func/sub-ident02_task-rest_run-02_echo-5_sbref.nii.gz",
		"func/sub-ident02_task-rest_run-02_echo-1_bold.nii.gz",
		"func/sub-ident02_task-rest_run-02_echo-2_bold.nii.gz",
		"func/sub-ident02_task-rest_run-02_echo-3_bold.nii.gz",
		"func/sub-ident02_task-rest_run-02_echo-4_bold.nii.gz",
		"func/sub-ident02_task-rest_run-02_echo-5_bold.nii.gz"
	]
}