{
	"Modality": "MR",
	"MagneticFieldStrength": 3,
	"ImagingFrequency": 123.261,
	"Manufacturer": "Siemens",
	"ManufacturersModelName": "Prisma_fit",
	"InstitutionName": "72ND_RAD",
	"InstitutionalDepartmentName": "Department",
	"InstitutionAddress": "E_72nd_Street_516_NYC_NYC_US_10021",
	"DeviceSerialNumber": "67080",
	"StationName": "MRTRIO3TX72",
	"BodyPartExamined": "BRAIN",
	"PatientPosition": "HFS",
	"ProcedureStepDescription": "MR_BRAIN_WITHOUT_IV_CONTRAST",
	"SoftwareVersions": "syngo_MR_E11",
	"MRAcquisitionType": "2D",
	"SeriesDescription": "fMRI_MB3ME5_2p4x2p5mm_TR2_SBRef",
	"ProtocolName": "fMRI_MB3ME5_2p4x2p5mm_TR2",
	"ScanningSequence": "EP",
	"SequenceVariant": "SK_SS",
	"ScanOptions": "PFP_FS_EXT",
	"SequenceName": "epfid2d5_84",
	"ImageType": [
		"ORIGINAL",
		"PRIMARY",
		"M",
		"TE3",
		"ND",
		"MOSAIC"
	],
	"SeriesNumber": 22,
	"AcquisitionTime": "12:26:56.050000",
	"AcquisitionNumber": 1,
	"ImageComments": "Single-band_reference",
	"SliceThickness": 2.5,
	"SpacingBetweenSlices": 2.5,
	"SAR": 0.0400413,
	"EchoNumber": 3,
	"EchoTime": 0.05338,
	"RepetitionTime": 2,
	"FlipAngle": 76,
	"PartialFourier": 0.875,
	"BaseResolution": 84,
	"ShimSetting": [178,-10532,-5515,787,-221,-108,111,-31],
	"TxRefAmp": 252.661,
	"PhaseResolution": 1,
	"VendorReportedEchoSpacing": 0.00051,
	"ReceiveCoilName": "Head_32",
	"ReceiveCoilActiveElements": "HEA;HEP",
	"PulseSequenceDetails": "%CustomerSeq%_cmrr_mbep2d_bold",
	"WipMemBlock": "0dbad984-c831-42a5-a9ad-1b59ae7ca075||Sequence: R016 ve11b/master r/d985c4e; Nov 27 2017 16:19:23 by eja",
	"RefLinesPE": 24,
	"ConsistencyInfo": "N4_VE11B_LATEST_20150530",
	"PercentPhaseFOV": 100,
	"PercentSampling": 100,
	"EchoTrainLength": 36,
	"PhaseEncodingSteps": 73,
	"AcquisitionMatrixPE": 84,
	"ReconMatrixPE": 84,
	"BandwidthPerPixelPhaseEncode": 46.685,
	"ParallelReductionFactorInPlane": 2,
	"EffectiveEchoSpacing": 0.000255002,
	"DerivedVendorReportedEchoSpacing": 0.000510004,
	"TotalReadoutTime": 0.0211652,
	"PixelBandwidth": 2380,
	"DwellTime": 2.5e-06,
	"PhaseEncodingDirection": "j-",
	"SliceTiming": [0,0.125,0.2475,0.3725,0.495,0.62,0.7425,0.8675,0.99,1.115,1.2375,1.3625,1.485,1.61,1.7325,1.8575,1.98,2.105,2.2275,2.3525,2.475,2.6,2.7225,2.8475,2.97,3.095,3.2175,3.3425,3.465,3.59,3.7125,3.8375,3.96,4.085,4.2075,4.3325,4.455,4.58,4.7025,4.8275,4.95,5.075,5.1975,5.3225,5.445,5.57,5.6925,5.8175],
	"ImageOrientationPatientDICOM": [0.99823,0.0231232,0.0547839,-0.0339868,0.977845,0.206553],
	"InPlanePhaseEncodingDirectionDICOM": "COL",
	"ConversionSoftware": "dcm2niix",
	"ConversionSoftwareVersion": "v1.0.20200331",
	"TaskName": "dyloc"
}