{
	"Modality": "MR",
	"MagneticFieldStrength": 3,
	"ImagingFrequency": 123.253,
	"Manufacturer": "Siemens",
	"ManufacturersModelName": "Prisma_fit",
	"InstitutionName": "72ND_RAD",
	"InstitutionalDepartmentName": "Department",
	"InstitutionAddress": "E_72nd_Street_516_NYC_NYC_US_10021",
	"DeviceSerialNumber": "67080",
	"StationName": "MRTRIO3TX72",
	"BodyPartExamined": "BRAIN",
	"PatientPosition": "HFS",
	"ProcedureStepDescription": "MR_BRAIN_WITHOUT_IV_CONTRAST",
	"SoftwareVersions": "syngo_MR_E11",
	"MRAcquisitionType": "2D",
	"SeriesDescription": "SpinEchoFieldMap_PA_2p4x2p5mm_48Slice",
	"ProtocolName": "SpinEchoFieldMap_PA_2p4x2p5mm_48Slice",
	"ScanningSequence": "EP",
	"SequenceVariant": "SK_SP",
	"ScanOptions": "PFP_FS",
	"SequenceName": "_epse2d1_84",
	"ImageType": [
		"ORIGINAL",
		"PRIMARY",
		"M",
		"ND"
	],
	"SeriesNumber": 46,
	"AcquisitionTime": "10:28:9.722500",
	"AcquisitionNumber": 1,
	"SliceThickness": 2.5,
	"SpacingBetweenSlices": 2.5,
	"SAR": 0.0241607,
	"EchoTime": 0.075,
	"RepetitionTime": 7.08,
	"FlipAngle": 90,
	"PartialFourier": 0.875,
	"BaseResolution": 84,
	"ShimSetting": [202,-10367,-5625,416,-1,80,3,58],
	"TxRefAmp": 215.11,
	"PhaseResolution": 1,
	"ReceiveCoilName": "Head_32",
	"ReceiveCoilActiveElements": "HEA;HEP",
	"PulseSequenceDetails": "%SiemensSeq%_ep2d_se",
	"RefLinesPE": 24,
	"ConsistencyInfo": "N4_VE11B_LATEST_20150530",
	"PercentPhaseFOV": 100,
	"PercentSampling": 100,
	"EchoTrainLength": 36,
	"PhaseEncodingSteps": 73,
	"AcquisitionMatrixPE": 84,
	"ReconMatrixPE": 84,
	"BandwidthPerPixelPhaseEncode": 46.685,
	"ParallelReductionFactorInPlane": 2,
	"EffectiveEchoSpacing": 0.000255002,
	"DerivedVendorReportedEchoSpacing": 0.000510004,
	"TotalReadoutTime": 0.0211652,
	"PixelBandwidth": 2705,
	"DwellTime": 2.2e-06,
	"PhaseEncodingDirection": "j",
	"SliceTiming": [0,9.257809999999999,18.5078,0.44531,9.695309999999999,18.9531,0.89062,10.1406,19.3984,1.32812,10.5859,19.8359,1.77344,11.0234,20.2812,2.21875,11.4688,20.7266,2.65625,11.9141,21.1641,3.10156,12.3516,21.6094,3.54688,12.7969,22.0547,3.98438,13.2422,22.4922,4.42969,13.6797,22.9375,4.875,14.125,23.375,5.3125,14.5625,23.8203,5.75781,15.0078,24.2656,6.19531,15.4531,24.7031,6.64062,15.8906,25.1484],
	"ImageOrientationPatientDICOM": [0.998546,0.0536932,-0.004695,-0.0535549,0.998232,0.025796],
	"InPlanePhaseEncodingDirectionDICOM": "COL",
	"ConversionSoftware": "dcm2niix",
	"ConversionSoftwareVersion": "v1.0.20200331",
	"IntendedFor": [
		"func/sub-ident04_task-famsemantic_run-05_echo-1_sbref.nii.gz",
		"func/sub-ident04_task-famsemantic_run-05_echo-2_sbref.nii.gz",
		"func/sub-ident04_task-famsemantic_run-05_echo-3_sbref.nii.gz",
		"func/sub-ident04_task-famsemantic_run-05_echo-4_sbref.nii.gz",
		"func/sub-ident04_task-famsemantic_run-05_echo-5_sbref.nii.gz",
		"func/sub-ident04_task-famsemantic_run-05_echo-1_bold.nii.gz",
		"func/sub-ident04_task-famsemantic_run-05_echo-2_bold.nii.gz",
		"func/sub-ident04_task-famsemantic_run-05_echo-3_bold.nii.gz",
		"func/sub-ident04_task-famsemantic_run-05_echo-4_bold.nii.gz",
		"func/sub-ident04_task-famsemantic_run-05_echo-5_bold.nii.gz",
		"func/sub-ident04_task-dyloc_run-05_echo-1_sbref.nii.gz",
		"func/sub-ident04_task-dyloc_run-05_echo-2_sbref.nii.gz",
		"func/sub-ident04_task-dyloc_run-05_echo-3_sbref.nii.gz",
		"func/sub-ident04_task-dyloc_run-05_echo-4_sbref.nii.gz",
		"func/sub-ident04_task-dyloc_run-05_echo-5_sbref.nii.gz",
		"func/sub-ident04_task-dyloc_run-05_echo-1_bold.nii.gz",
		"func/sub-ident04_task-dyloc_run-05_echo-2_bold.nii.gz",
		"func/sub-ident04_task-dyloc_run-05_echo-3_bold.nii.gz",
		"func/sub-ident04_task-dyloc_run-05_echo-4_bold.nii.gz",
		"func/sub-ident04_task-dyloc_run-05_echo-5_bold.nii.gz",
		"func/sub-ident04_task-dyloc_run-06_echo-1_sbref.nii.gz",
		"func/sub-ident04_task-dyloc_run-06_echo-2_sbref.nii.gz",
		"func/sub-ident04_task-dyloc_run-06_echo-3_sbref.nii.gz",
		"func/sub-ident04_task-dyloc_run-06_echo-4_sbref.nii.gz",
		"func/sub-ident04_task-dyloc_run-06_echo-5_sbref.nii.gz",
		"func/sub-ident04_task-dyloc_run-06_echo-1_bold.nii.gz",
		"func/sub-ident04_task-dyloc_run-06_echo-2_bold.nii.gz",
		"func/sub-ident04_task-dyloc_run-06_echo-3_bold.nii.gz",
		"func/sub-ident04_task-dyloc_run-06_echo-4_bold.nii.gz",
		"func/sub-ident04_task-dyloc_run-06_echo-5_bold.nii.gz",
		"func/sub-ident04_task-rest_run-03_echo-1_sbref.nii.gz",
		"func/sub-ident04_task-rest_run-03_echo-2_sbref.nii.gz",
		"func/sub-ident04_task-rest_run-03_echo-3_sbref.nii.gz",
		"func/sub-ident04_task-rest_run-03_echo-4_sbref.nii.gz",
		"func/sub-ident04_task-rest_run-03_echo-5_sbref.nii.gz",
		"func/sub-ident04_task-rest_run-03_echo-1_bold.nii.gz",
		"func/sub-ident04_task-rest_run-03_echo-2_bold.nii.gz",
		"func/sub-ident04_task-rest_run-03_echo-3_bold.nii.gz",
		"func/sub-ident04_task-rest_run-03_echo-4_bold.nii.gz",
		"func/sub-ident04_task-rest_run-03_echo-5_bold.nii.gz",
		"func/sub-ident04_task-rest_run-04_echo-1_sbref.nii.gz",
		"func/sub-ident04_task-rest_run-04_echo-2_sbref.nii.gz",
		"func/sub-ident04_task-rest_run-04_echo-3_sbref.nii.gz",
		"func/sub-ident04_task-rest_run-04_echo-4_sbref.nii.gz",
		"func/sub-ident04_task-rest_run-04_echo-5_sbref.nii.gz",
		"func/sub-ident04_task-rest_run-04_echo-1_bold.nii.gz",
		"func/sub-ident04_task-rest_run-04_echo-2_bold.nii.gz",
		"func/sub-ident04_task-rest_run-04_echo-3_bold.nii.gz",
		"func/sub-ident04_task-rest_run-04_echo-4_bold.nii.gz",
		"func/sub-ident04_task-rest_run-04_echo-5_bold.nii.gz"
	]
}