{
	"Modality": "MR",
	"MagneticFieldStrength": 3,
	"ImagingFrequency": 123.253,
	"Manufacturer": "Siemens",
	"ManufacturersModelName": "Prisma_fit",
	"InstitutionName": "72ND_RAD",
	"InstitutionalDepartmentName": "Department",
	"InstitutionAddress": "E_72nd_Street_516_NYC_NYC_US_10021",
	"DeviceSerialNumber": "67080",
	"StationName": "MRTRIO3TX72",
	"BodyPartExamined": "BRAIN",
	"PatientPosition": "HFS",
	"ProcedureStepDescription": "MR_BRAIN_WITHOUT_IV_CONTRAST",
	"SoftwareVersions": "syngo_MR_E11",
	"MRAcquisitionType": "2D",
	"SeriesDescription": "SpinEchoFieldMap_AP_2p4x2p5mm_48Slice",
	"ProtocolName": "SpinEchoFieldMap_AP_2p4x2p5mm_48Slice",
	"ScanningSequence": "EP",
	"SequenceVariant": "SK_SP",
	"ScanOptions": "PFP_FS",
	"SequenceName": "_epse2d1_84",
	"ImageType": ["ORIGINAL", "PRIMARY", "M", "ND"],
	"SeriesNumber": 7,
	"AcquisitionTime": "09:29:47.022500",
	"AcquisitionNumber": 1,
	"SliceThickness": 2.5,
	"SpacingBetweenSlices": 2.5,
	"SAR": 0.0235997,
	"EchoTime": 0.075,
	"RepetitionTime": 7.08,
	"FlipAngle": 90,
	"PartialFourier": 0.875,
	"BaseResolution": 84,
	"ShimSetting": [
		215,
		-10354,
		-5730,
		364,
		37,
		169,
		3,
		17	],
	"TxRefAmp": 215.372,
	"PhaseResolution": 1,
	"ReceiveCoilName": "Head_32",
	"ReceiveCoilActiveElements": "HEA;HEP",
	"PulseSequenceDetails": "%SiemensSeq%_ep2d_se",
	"RefLinesPE": 24,
	"ConsistencyInfo": "N4_VE11B_LATEST_20150530",
	"PercentPhaseFOV": 100,
	"PercentSampling": 100,
	"EchoTrainLength": 36,
	"PhaseEncodingSteps": 73,
	"AcquisitionMatrixPE": 84,
	"ReconMatrixPE": 84,
	"BandwidthPerPixelPhaseEncode": 46.685,
	"ParallelReductionFactorInPlane": 2,
	"EffectiveEchoSpacing": 0.000255002,
	"DerivedVendorReportedEchoSpacing": 0.000510004,
	"TotalReadoutTime": 0.0211652,
	"PixelBandwidth": 2705,
	"DwellTime": 2.2e-06,
	"PhaseEncodingDirection": "j-",
	"SliceTiming": [
		0,
		9.25,
		18.5078,
		0.44531,
		9.69531,
		18.9453,
		0.88281,
		10.1328,
		19.3906,
		1.32812,
		10.5781,
		19.8359,
		1.76562,
		11.0234,
		20.2734,
		2.21094,
		11.4609,
		20.7188,
		2.65625,
		11.9062,
		21.1641,
		3.09375,
		12.3516,
		21.6016,
		3.53906,
		12.7891,
		22.0469,
		3.98438,
		13.2344,
		22.4922,
		4.42188,
		13.6797,
		22.9297,
		4.86719,
		14.1172,
		23.375,
		5.3125,
		14.5625,
		23.8203,
		5.75,
		15.0078,
		24.2578,
		6.19531,
		15.4453,
		24.7031,
		6.63281,
		15.8906,
		25.1406	],
	"ImageOrientationPatientDICOM": [
		0.999995,
		0.000224013,
		-0.00302557,
		-5.5188e-08,
		0.997272,
		0.0738197	],
	"InPlanePhaseEncodingDirectionDICOM": "COL",
	"ConversionSoftware": "dcm2niix",
	"ConversionSoftwareVersion": "v1.0.20200331",
	"IntendedFor": [
		"func/sub-ident04_task-famvisual_run-01_echo-1_sbref.nii.gz",
		"func/sub-ident04_task-famvisual_run-01_echo-2_sbref.nii.gz",
		"func/sub-ident04_task-famvisual_run-01_echo-3_sbref.nii.gz",
		"func/sub-ident04_task-famvisual_run-01_echo-4_sbref.nii.gz",
		"func/sub-ident04_task-famvisual_run-01_echo-5_sbref.nii.gz",
		"func/sub-ident04_task-famvisual_run-01_echo-1_bold.nii.gz",
		"func/sub-ident04_task-famvisual_run-01_echo-2_bold.nii.gz",
		"func/sub-ident04_task-famvisual_run-01_echo-3_bold.nii.gz",
		"func/sub-ident04_task-famvisual_run-01_echo-4_bold.nii.gz",
		"func/sub-ident04_task-famvisual_run-01_echo-5_bold.nii.gz",
		"func/sub-ident04_task-famvisual_run-02_echo-1_sbref.nii.gz",
		"func/sub-ident04_task-famvisual_run-02_echo-2_sbref.nii.gz",
		"func/sub-ident04_task-famvisual_run-02_echo-3_sbref.nii.gz",
		"func/sub-ident04_task-famvisual_run-02_echo-4_sbref.nii.gz",
		"func/sub-ident04_task-famvisual_run-02_echo-5_sbref.nii.gz",
		"func/sub-ident04_task-famvisual_run-02_echo-1_bold.nii.gz",
		"func/sub-ident04_task-famvisual_run-02_echo-2_bold.nii.gz",
		"func/sub-ident04_task-famvisual_run-02_echo-3_bold.nii.gz",
		"func/sub-ident04_task-famvisual_run-02_echo-4_bold.nii.gz",
		"func/sub-ident04_task-famvisual_run-02_echo-5_bold.nii.gz",
		"func/sub-ident04_task-tomloc2_run-01_echo-1_sbref.nii.gz",
		"func/sub-ident04_task-tomloc2_run-01_echo-2_sbref.nii.gz",
		"func/sub-ident04_task-tomloc2_run-01_echo-3_sbref.nii.gz",
		"func/sub-ident04_task-tomloc2_run-01_echo-4_sbref.nii.gz",
		"func/sub-ident04_task-tomloc2_run-01_echo-5_sbref.nii.gz",
		"func/sub-ident04_task-tomloc2_run-01_echo-1_bold.nii.gz",
		"func/sub-ident04_task-tomloc2_run-01_echo-2_bold.nii.gz",
		"func/sub-ident04_task-tomloc2_run-01_echo-3_bold.nii.gz",
		"func/sub-ident04_task-tomloc2_run-01_echo-4_bold.nii.gz",
		"func/sub-ident04_task-tomloc2_run-01_echo-5_bold.nii.gz",
		"func/sub-ident04_task-tomloc2_run-02_echo-1_sbref.nii.gz",
		"func/sub-ident04_task-tomloc2_run-02_echo-2_sbref.nii.gz",
		"func/sub-ident04_task-tomloc2_run-02_echo-3_sbref.nii.gz",
		"func/sub-ident04_task-tomloc2_run-02_echo-4_sbref.nii.gz",
		"func/sub-ident04_task-tomloc2_run-02_echo-5_sbref.nii.gz",
		"func/sub-ident04_task-tomloc2_run-02_echo-1_bold.nii.gz",
		"func/sub-ident04_task-tomloc2_run-02_echo-2_bold.nii.gz",
		"func/sub-ident04_task-tomloc2_run-02_echo-3_bold.nii.gz",
		"func/sub-ident04_task-tomloc2_run-02_echo-4_bold.nii.gz",
		"func/sub-ident04_task-tomloc2_run-02_echo-5_bold.nii.gz"
	]
}
