{
	"Modality": "MR",
	"MagneticFieldStrength": 3,
	"ImagingFrequency": 123.253,
	"Manufacturer": "Siemens",
	"ManufacturersModelName": "Prisma_fit",
	"InstitutionName": "72ND_RAD",
	"InstitutionalDepartmentName": "Department",
	"InstitutionAddress": "E_72nd_Street_516_NYC_NYC_US_10021",
	"DeviceSerialNumber": "67080",
	"StationName": "MRTRIO3TX72",
	"BodyPartExamined": "BRAIN",
	"PatientPosition": "HFS",
	"ProcedureStepDescription": "MR_BRAIN_WITHOUT_IV_CONTRAST",
	"SoftwareVersions": "syngo_MR_E11",
	"MRAcquisitionType": "2D",
	"SeriesDescription": "T2w_TSE_p5x1p5mm",
	"ProtocolName": "T2w_TSE_p5x1p5mm",
	"ScanningSequence": "SE",
	"SequenceVariant": "SK_SP_OSP",
	"SequenceName": "_tse2d1_11",
	"ImageType": ["ORIGINAL", "PRIMARY", "M", "ND", "NORM"],
	"SeriesNumber": 52,
	"AcquisitionTime": "11:20:31.495000",
	"AcquisitionNumber": 1,
	"SliceThickness": 1.5,
	"SpacingBetweenSlices": 1.5,
	"SAR": 0.405566,
	"EchoTime": 0.104,
	"RepetitionTime": 6.1,
	"FlipAngle": 150,
	"PartialFourier": 1,
	"BaseResolution": 448,
	"ShimSetting": [
		192,
		-10384,
		-5851,
		87,
		-10,
		-55,
		-18,
		0	],
	"TxRefAmp": 236.736,
	"PhaseResolution": 1,
	"ReceiveCoilName": "Head_32",
	"ReceiveCoilActiveElements": "HEA;HEP",
	"PulseSequenceDetails": "%SiemensSeq%_tse",
	"ConsistencyInfo": "N4_VE11B_LATEST_20150530",
	"PercentPhaseFOV": 100,
	"PercentSampling": 100,
	"EchoTrainLength": 11,
	"PhaseEncodingSteps": 451,
	"AcquisitionMatrixPE": 448,
	"ReconMatrixPE": 448,
	"PixelBandwidth": 225,
	"DwellTime": 5e-06,
	"PhaseEncodingDirection": "j",
	"SliceTiming": [
		3.04688,
		0,
		3.1875,
		0.14062,
		3.32812,
		0.27344,
		3.46094,
		0.41406,
		3.60156,
		0.55469,
		3.74219,
		0.69531,
		3.88281,
		0.83594,
		4.02344,
		0.96875,
		4.15625,
		1.10938,
		4.29688,
		1.25,
		4.4375,
		1.38281,
		4.57812,
		1.52344,
		4.71094,
		1.66406,
		4.85156,
		1.80469,
		4.99219,
		1.9375,
		5.13281,
		2.07812,
		5.26562,
		2.21875,
		5.40625,
		2.35938,
		5.54688,
		2.49219,
		5.67969,
		2.63281,
		5.82031,
		2.77344,
		5.96094,
		2.90625	],
	"ImageOrientationPatientDICOM": [
		0.99914,
		0.0377763,
		0.0170689,
		-0.0151725,
		0.716446,
		-0.697478	],
	"InPlanePhaseEncodingDirectionDICOM": "COL",
	"ConversionSoftware": "dcm2niix",
	"ConversionSoftwareVersion": "v1.0.20200331"
}
