{
	"Modality": "MR",
	"MagneticFieldStrength": 3,
	"ImagingFrequency": 123.261,
	"Manufacturer": "Siemens",
	"ManufacturersModelName": "Prisma_fit",
	"InstitutionName": "72ND_RAD",
	"InstitutionalDepartmentName": "Department",
	"InstitutionAddress": "E_72nd_Street_516_NYC_NYC_US_10021",
	"DeviceSerialNumber": "67080",
	"StationName": "MRTRIO3TX72",
	"BodyPartExamined": "BRAIN",
	"PatientPosition": "HFS",
	"ProcedureStepDescription": "MR_BRAIN_WITHOUT_IV_CONTRAST",
	"SoftwareVersions": "syngo_MR_E11",
	"MRAcquisitionType": "2D",
	"SeriesDescription": "fMRI_MB3ME5_2p4x2p5mm_TR2_SBRef",
	"ProtocolName": "fMRI_MB3ME5_2p4x2p5mm_TR2",
	"ScanningSequence": "EP",
	"SequenceVariant": "SK_SS",
	"ScanOptions": "PFP_FS_EXT",
	"SequenceName": "epfid2d5_84",
	"ImageType": [
		"ORIGINAL",
		"PRIMARY",
		"M",
		"TE4",
		"ND",
		"MOSAIC"
	],
	"SeriesNumber": 17,
	"AcquisitionTime": "10:02:17.995000",
	"AcquisitionNumber": 1,
	"ImageComments": "Single-band_reference",
	"SliceThickness": 2.5,
	"SpacingBetweenSlices": 2.5,
	"SAR": 0.0352804,
	"EchoNumber": 4,
	"EchoTime": 0.07287,
	"RepetitionTime": 2,
	"FlipAngle": 76,
	"PartialFourier": 0.875,
	"BaseResolution": 84,
	"ShimSetting": [176,-10464,-5578,659,-134,33,-13,1],
	"TxRefAmp": 227.04,
	"PhaseResolution": 1,
	"VendorReportedEchoSpacing": 0.00051,
	"ReceiveCoilName": "Head_32",
	"ReceiveCoilActiveElements": "HEA;HEP",
	"PulseSequenceDetails": "%CustomerSeq%_cmrr_mbep2d_bold",
	"WipMemBlock": "27cf1e77-401c-4299-84d6-5a7a1281e14c||Sequence: R016 ve11b/master r/d985c4e; Nov 27 2017 16:19:23 by eja",
	"RefLinesPE": 24,
	"ConsistencyInfo": "N4_VE11B_LATEST_20150530",
	"PercentPhaseFOV": 100,
	"PercentSampling": 100,
	"EchoTrainLength": 36,
	"PhaseEncodingSteps": 73,
	"AcquisitionMatrixPE": 84,
	"ReconMatrixPE": 84,
	"BandwidthPerPixelPhaseEncode": 46.685,
	"ParallelReductionFactorInPlane": 2,
	"EffectiveEchoSpacing": 0.000255002,
	"DerivedVendorReportedEchoSpacing": 0.000510004,
	"TotalReadoutTime": 0.0211652,
	"PixelBandwidth": 2380,
	"DwellTime": 2.5e-06,
	"PhaseEncodingDirection": "j-",
	"SliceTiming": [0,0.1225,0.2475,0.37,0.495,0.6175,0.7425,0.865,0.99,1.1125,1.2375,1.36,1.485,1.6075,1.7325,1.855,1.98,2.1025,2.2275,2.35,2.475,2.5975,2.7225,2.845,2.97,3.0925,3.2175,3.34,3.465,3.5875,3.7125,3.835,3.96,4.0825,4.2075,4.33,4.455,4.5775,4.7025,4.825,4.95,5.0725,5.1975,5.32,5.445,5.5675,5.6925,5.815],
	"ImageOrientationPatientDICOM": [0.994192,0.104223,-0.0268465,-0.102915,0.993617,0.0461985],
	"InPlanePhaseEncodingDirectionDICOM": "COL",
	"ConversionSoftware": "dcm2niix",
	"ConversionSoftwareVersion": "v1.0.20200331",
	"TaskName": "tomloc2"
}