{
	"Modality": "MR",
	"MagneticFieldStrength": 3,
	"ImagingFrequency": 123.253,
	"Manufacturer": "Siemens",
	"ManufacturersModelName": "Prisma_fit",
	"InstitutionName": "72ND_RAD",
	"InstitutionalDepartmentName": "Department",
	"InstitutionAddress": "E_72nd_Street_516_NYC_NYC_US_10021",
	"DeviceSerialNumber": "67080",
	"StationName": "MRTRIO3TX72",
	"BodyPartExamined": "BRAIN",
	"PatientPosition": "HFS",
	"ProcedureStepDescription": "MR_BRAIN_WITHOUT_IV_CONTRAST",
	"SoftwareVersions": "syngo_MR_E11",
	"MRAcquisitionType": "2D",
	"SeriesDescription": "SpinEchoFieldMap_AP_2p4x2p5mm_48Slice",
	"ProtocolName": "SpinEchoFieldMap_AP_2p4x2p5mm_48Slice",
	"ScanningSequence": "EP",
	"SequenceVariant": "SK_SP",
	"ScanOptions": "PFP_FS",
	"SequenceName": "_epse2d1_84",
	"ImageType": [
		"ORIGINAL",
		"PRIMARY",
		"M",
		"ND"
	],
	"SeriesNumber": 6,
	"AcquisitionTime": "09:11:35.715000",
	"AcquisitionNumber": 1,
	"SliceThickness": 2.5,
	"SpacingBetweenSlices": 2.5,
	"SAR": 0.0280759,
	"EchoTime": 0.075,
	"RepetitionTime": 7.08,
	"FlipAngle": 90,
	"PartialFourier": 0.875,
	"BaseResolution": 84,
	"ShimSetting": [201,-10524,-5543,546,18,-321,105,34],
	"TxRefAmp": 236.736,
	"PhaseResolution": 1,
	"ReceiveCoilName": "Head_32",
	"ReceiveCoilActiveElements": "HEA;HEP",
	"PulseSequenceDetails": "%SiemensSeq%_ep2d_se",
	"RefLinesPE": 24,
	"ConsistencyInfo": "N4_VE11B_LATEST_20150530",
	"PercentPhaseFOV": 100,
	"PercentSampling": 100,
	"EchoTrainLength": 36,
	"PhaseEncodingSteps": 73,
	"AcquisitionMatrixPE": 84,
	"ReconMatrixPE": 84,
	"BandwidthPerPixelPhaseEncode": 46.685,
	"ParallelReductionFactorInPlane": 2,
	"EffectiveEchoSpacing": 0.000255002,
	"DerivedVendorReportedEchoSpacing": 0.000510004,
	"TotalReadoutTime": 0.0211652,
	"PixelBandwidth": 2705,
	"DwellTime": 2.2e-06,
	"PhaseEncodingDirection": "j-",
	"SliceTiming": [0,9.25,18.5,0.4375,9.6875,18.9453,0.88281,10.1328,19.3906,1.32031,10.5781,19.8281,1.76562,11.0156,20.2734,2.21094,11.4609,20.7188,2.64844,11.9062,21.1562,3.09375,12.3438,21.6016,3.53906,12.7891,22.0469,3.97656,13.2344,22.4844,4.42188,13.6719,22.9297,4.86719,14.1172,23.3672,5.30469,14.5625,23.8125,5.75,15,24.25,6.1875,15.4453,24.6953,6.63281,15.8828,25.1406],
	"ImageOrientationPatientDICOM": [0.999323,0.0235021,0.0283183,-0.0322779,0.929364,0.367752],
	"InPlanePhaseEncodingDirectionDICOM": "COL",
	"ConversionSoftware": "dcm2niix",
	"ConversionSoftwareVersion": "v1.0.20200331",
	"IntendedFor": [
		"func/sub-ident06_task-famepisodic_run-01_echo-1_sbref.nii.gz",
		"func/sub-ident06_task-famepisodic_run-01_echo-1_bold.nii.gz",
		"func/sub-ident06_task-famepisodic_run-02_echo-1_sbref.nii.gz",
		"func/sub-ident06_task-famepisodic_run-02_echo-1_bold.nii.gz",
		"func/sub-ident06_task-langloc_run-01_echo-1_sbref.nii.gz",
		"func/sub-ident06_task-langloc_run-01_echo-2_sbref.nii.gz",
		"func/sub-ident06_task-langloc_run-01_echo-3_sbref.nii.gz",
		"func/sub-ident06_task-langloc_run-01_echo-4_sbref.nii.gz",
		"func/sub-ident06_task-langloc_run-01_echo-5_sbref.nii.gz",
		"func/sub-ident06_task-langloc_run-01_echo-1_bold.nii.gz",
		"func/sub-ident06_task-langloc_run-01_echo-2_bold.nii.gz",
		"func/sub-ident06_task-langloc_run-01_echo-3_bold.nii.gz",
		"func/sub-ident06_task-langloc_run-01_echo-4_bold.nii.gz",
		"func/sub-ident06_task-langloc_run-01_echo-5_bold.nii.gz"
	]
}