{
	"Modality": "MR",
	"MagneticFieldStrength": 3,
	"ImagingFrequency": 123.261,
	"Manufacturer": "Siemens",
	"ManufacturersModelName": "Prisma_fit",
	"InstitutionName": "72ND_RAD",
	"InstitutionalDepartmentName": "Department",
	"InstitutionAddress": "E_72nd_Street_516_NYC_NYC_US_10021",
	"DeviceSerialNumber": "67080",
	"StationName": "MRTRIO3TX72",
	"BodyPartExamined": "BRAIN",
	"PatientPosition": "HFS",
	"ProcedureStepDescription": "MR_BRAIN_WITHOUT_IV_CONTRAST",
	"SoftwareVersions": "syngo_MR_E11",
	"MRAcquisitionType": "2D",
	"SeriesDescription": "T2w_TSE_p5x1p5mm",
	"ProtocolName": "T2w_TSE_p5x1p5mm",
	"ScanningSequence": "SE",
	"SequenceVariant": "SK_SP_OSP",
	"SequenceName": "_tse2d1_11",
	"ImageType": ["ORIGINAL", "PRIMARY", "M", "ND", "NORM"],
	"SeriesNumber": 43,
	"AcquisitionTime": "11:11:6.052500",
	"AcquisitionNumber": 1,
	"SliceThickness": 1.5,
	"SpacingBetweenSlices": 1.5,
	"SAR": 0.40729,
	"EchoTime": 0.104,
	"RepetitionTime": 6.1,
	"FlipAngle": 150,
	"PartialFourier": 1,
	"BaseResolution": 448,
	"ShimSetting": [
		176,
		-10485,
		-5836,
		117,
		-97,
		-85,
		23,
		-13	],
	"TxRefAmp": 231.502,
	"PhaseResolution": 1,
	"ReceiveCoilName": "Head_32",
	"ReceiveCoilActiveElements": "HEA;HEP",
	"PulseSequenceDetails": "%SiemensSeq%_tse",
	"ConsistencyInfo": "N4_VE11B_LATEST_20150530",
	"PercentPhaseFOV": 100,
	"PercentSampling": 100,
	"EchoTrainLength": 11,
	"PhaseEncodingSteps": 451,
	"AcquisitionMatrixPE": 448,
	"ReconMatrixPE": 448,
	"PixelBandwidth": 225,
	"DwellTime": 5e-06,
	"PhaseEncodingDirection": "j",
	"SliceTiming": [
		3.05469,
		0,
		3.19531,
		0.14062,
		3.32812,
		0.28125,
		3.46875,
		0.42188,
		3.60938,
		0.55469,
		3.74219,
		0.69531,
		3.88281,
		0.83594,
		4.02344,
		0.96875,
		4.16406,
		1.10938,
		4.29688,
		1.25,
		4.4375,
		1.39062,
		4.57812,
		1.53125,
		4.71875,
		1.66406,
		4.85156,
		1.80469,
		4.99219,
		1.94531,
		5.13281,
		2.08594,
		5.27344,
		2.21875,
		5.40625,
		2.35938,
		5.54688,
		2.5,
		5.6875,
		2.64062,
		5.82812,
		2.77344,
		5.96875,
		2.91406	],
	"ImageOrientationPatientDICOM": [
		0.997943,
		0.0598153,
		-0.0230564,
		-0.0537023,
		0.583645,
		-0.810231	],
	"InPlanePhaseEncodingDirectionDICOM": "COL",
	"ConversionSoftware": "dcm2niix",
	"ConversionSoftwareVersion": "v1.0.20200331"
}
