{
	"Modality": "MR",
	"MagneticFieldStrength": 3,
	"ImagingFrequency": 123.261,
	"Manufacturer": "Siemens",
	"ManufacturersModelName": "Prisma_fit",
	"InstitutionName": "72ND_RAD",
	"InstitutionalDepartmentName": "Department",
	"InstitutionAddress": "E_72nd_Street_516_NYC_NYC_US_10021",
	"DeviceSerialNumber": "67080",
	"StationName": "MRTRIO3TX72",
	"BodyPartExamined": "BRAIN",
	"PatientPosition": "HFS",
	"ProcedureStepDescription": "MR_BRAIN_WITHOUT_IV_CONTRAST",
	"SoftwareVersions": "syngo_MR_E11",
	"MRAcquisitionType": "2D",
	"SeriesDescription": "T2w_TSE_p5x1p5mm",
	"ProtocolName": "T2w_TSE_p5x1p5mm",
	"ScanningSequence": "SE",
	"SequenceVariant": "SK_SP_OSP",
	"SequenceName": "_tse2d1_11",
	"ImageType": ["ORIGINAL", "PRIMARY", "M", "ND", "NORM"],
	"SeriesNumber": 40,
	"AcquisitionTime": "11:11:53.392500",
	"AcquisitionNumber": 1,
	"SliceThickness": 1.5,
	"SpacingBetweenSlices": 1.5,
	"SAR": 0.424584,
	"EchoTime": 0.104,
	"RepetitionTime": 6.1,
	"FlipAngle": 150,
	"PartialFourier": 1,
	"BaseResolution": 448,
	"ShimSetting": [
		176,
		-10485,
		-5836,
		117,
		-97,
		-85,
		23,
		-13	],
	"TxRefAmp": 292.468,
	"PhaseResolution": 1,
	"ReceiveCoilName": "Head_32",
	"ReceiveCoilActiveElements": "HEA;HEP",
	"PulseSequenceDetails": "%SiemensSeq%_tse",
	"ConsistencyInfo": "N4_VE11B_LATEST_20150530",
	"PercentPhaseFOV": 100,
	"PercentSampling": 100,
	"EchoTrainLength": 11,
	"PhaseEncodingSteps": 451,
	"AcquisitionMatrixPE": 448,
	"ReconMatrixPE": 448,
	"PixelBandwidth": 225,
	"DwellTime": 5e-06,
	"PhaseEncodingDirection": "j",
	"SliceTiming": [
		3.04688,
		0,
		3.1875,
		0.14062,
		3.32812,
		0.27344,
		3.46875,
		0.41406,
		3.60156,
		0.55469,
		3.74219,
		0.6875,
		3.88281,
		0.82812,
		4.01562,
		0.96875,
		4.15625,
		1.10938,
		4.29688,
		1.25,
		4.4375,
		1.38281,
		4.57031,
		1.52344,
		4.71094,
		1.66406,
		4.85156,
		1.80469,
		4.99219,
		1.9375,
		5.125,
		2.07812,
		5.26562,
		2.21875,
		5.40625,
		2.35938,
		5.54688,
		2.49219,
		5.6875,
		2.63281,
		5.82031,
		2.77344,
		5.96094,
		2.91406	],
	"ImageOrientationPatientDICOM": [
		0.998979,
		0.028923,
		-0.0346944,
		-0.0451613,
		0.625355,
		-0.779033	],
	"InPlanePhaseEncodingDirectionDICOM": "COL",
	"ConversionSoftware": "dcm2niix",
	"ConversionSoftwareVersion": "v1.0.20200331"
}
