{
	"Modality": "MR",
	"MagneticFieldStrength": 3,
	"ImagingFrequency": 123.253,
	"Manufacturer": "Siemens",
	"ManufacturersModelName": "Prisma_fit",
	"InstitutionName": "CBIC",
	"InstitutionalDepartmentName": "Department",
	"InstitutionAddress": "E_72nd_Street_516_NYC_NYC_US_10021",
	"DeviceSerialNumber": "67080",
	"StationName": "MRTRIO3TX72",
	"BodyPartExamined": "BRAIN",
	"PatientPosition": "HFS",
	"ProcedureStepDescription": "ROCKEFELLER_FREIWALD",
	"SoftwareVersions": "syngo_MR_E11",
	"MRAcquisitionType": "2D",
	"SeriesDescription": "SpinEchoFieldMap_AP_2p4x2p5mm_48Slice",
	"ProtocolName": "SpinEchoFieldMap_AP_2p4x2p5mm_48Slice",
	"ScanningSequence": "EP",
	"SequenceVariant": "SK_SP",
	"ScanOptions": "PFP_FS",
	"SequenceName": "_epse2d1_84",
	"ImageType": [
		"ORIGINAL",
		"PRIMARY",
		"M",
		"ND"
	],
	"SeriesNumber": 6,
	"AcquisitionTime": "11:41:7.010000",
	"AcquisitionNumber": 1,
	"SliceThickness": 2.5,
	"SpacingBetweenSlices": 2.5,
	"SAR": 0.02795,
	"EchoTime": 0.075,
	"RepetitionTime": 7.08,
	"FlipAngle": 90,
	"PartialFourier": 0.875,
	"BaseResolution": 84,
	"ShimSetting": [196,-10405,-5555,526,-57,-66,10,25],
	"TxRefAmp": 250.853,
	"PhaseResolution": 1,
	"ReceiveCoilName": "Head_32",
	"ReceiveCoilActiveElements": "HEA;HEP",
	"PulseSequenceDetails": "%SiemensSeq%_ep2d_se",
	"RefLinesPE": 24,
	"ConsistencyInfo": "N4_VE11B_LATEST_20150530",
	"PercentPhaseFOV": 100,
	"PercentSampling": 100,
	"EchoTrainLength": 36,
	"PhaseEncodingSteps": 73,
	"AcquisitionMatrixPE": 84,
	"ReconMatrixPE": 84,
	"BandwidthPerPixelPhaseEncode": 46.685,
	"ParallelReductionFactorInPlane": 2,
	"EffectiveEchoSpacing": 0.000255002,
	"DerivedVendorReportedEchoSpacing": 0.000510004,
	"TotalReadoutTime": 0.0211652,
	"PixelBandwidth": 2705,
	"DwellTime": 2.2e-06,
	"PhaseEncodingDirection": "j-",
	"SliceTiming": [0,9.257809999999999,18.5078,0.44531,9.695309999999999,18.9531,0.89062,10.1406,19.3984,1.32812,10.5859,19.8359,1.77344,11.0234,20.2812,2.21094,11.4688,20.7188,2.65625,11.9062,21.1641,3.10156,12.3516,21.6094,3.53906,12.7969,22.0469,3.98438,13.2344,22.4922,4.42969,13.6797,22.9375,4.86719,14.125,23.375,5.3125,14.5625,23.8203,5.75781,15.0078,24.2656,6.19531,15.4531,24.7031,6.64062,15.8906,25.1484],
	"ImageOrientationPatientDICOM": [0.998574,-0.00745549,0.0528587,2.22837e-08,0.9901990000000001,0.139663],
	"InPlanePhaseEncodingDirectionDICOM": "COL",
	"ConversionSoftware": "dcm2niix",
	"ConversionSoftwareVersion": "v1.0.20200331",
	"IntendedFor": [
		"func/sub-ident03_task-famvisual_run-01_echo-1_sbref.nii.gz",
		"func/sub-ident03_task-famvisual_run-01_echo-2_sbref.nii.gz",
		"func/sub-ident03_task-famvisual_run-01_echo-3_sbref.nii.gz",
		"func/sub-ident03_task-famvisual_run-01_echo-4_sbref.nii.gz",
		"func/sub-ident03_task-famvisual_run-01_echo-5_sbref.nii.gz",
		"func/sub-ident03_task-famvisual_run-01_echo-1_bold.nii.gz",
		"func/sub-ident03_task-famvisual_run-01_echo-2_bold.nii.gz",
		"func/sub-ident03_task-famvisual_run-01_echo-3_bold.nii.gz",
		"func/sub-ident03_task-famvisual_run-01_echo-4_bold.nii.gz",
		"func/sub-ident03_task-famvisual_run-01_echo-5_bold.nii.gz",
		"func/sub-ident03_task-famvisual_run-02_echo-1_sbref.nii.gz",
		"func/sub-ident03_task-famvisual_run-02_echo-2_sbref.nii.gz",
		"func/sub-ident03_task-famvisual_run-02_echo-3_sbref.nii.gz",
		"func/sub-ident03_task-famvisual_run-02_echo-4_sbref.nii.gz",
		"func/sub-ident03_task-famvisual_run-02_echo-5_sbref.nii.gz",
		"func/sub-ident03_task-famvisual_run-02_echo-1_bold.nii.gz",
		"func/sub-ident03_task-famvisual_run-02_echo-2_bold.nii.gz",
		"func/sub-ident03_task-famvisual_run-02_echo-3_bold.nii.gz",
		"func/sub-ident03_task-famvisual_run-02_echo-4_bold.nii.gz",
		"func/sub-ident03_task-famvisual_run-02_echo-5_bold.nii.gz",
		"func/sub-ident03_task-tomloc2_run-01_echo-1_sbref.nii.gz",
		"func/sub-ident03_task-tomloc2_run-01_echo-2_sbref.nii.gz",
		"func/sub-ident03_task-tomloc2_run-01_echo-3_sbref.nii.gz",
		"func/sub-ident03_task-tomloc2_run-01_echo-4_sbref.nii.gz",
		"func/sub-ident03_task-tomloc2_run-01_echo-5_sbref.nii.gz",
		"func/sub-ident03_task-tomloc2_run-01_echo-1_bold.nii.gz",
		"func/sub-ident03_task-tomloc2_run-01_echo-2_bold.nii.gz",
		"func/sub-ident03_task-tomloc2_run-01_echo-3_bold.nii.gz",
		"func/sub-ident03_task-tomloc2_run-01_echo-4_bold.nii.gz",
		"func/sub-ident03_task-tomloc2_run-01_echo-5_bold.nii.gz",
		"func/sub-ident03_task-tomloc2_run-02_echo-1_sbref.nii.gz",
		"func/sub-ident03_task-tomloc2_run-02_echo-2_sbref.nii.gz",
		"func/sub-ident03_task-tomloc2_run-02_echo-3_sbref.nii.gz",
		"func/sub-ident03_task-tomloc2_run-02_echo-4_sbref.nii.gz",
		"func/sub-ident03_task-tomloc2_run-02_echo-5_sbref.nii.gz",
		"func/sub-ident03_task-tomloc2_run-02_echo-1_bold.nii.gz",
		"func/sub-ident03_task-tomloc2_run-02_echo-2_bold.nii.gz",
		"func/sub-ident03_task-tomloc2_run-02_echo-3_bold.nii.gz",
		"func/sub-ident03_task-tomloc2_run-02_echo-4_bold.nii.gz",
		"func/sub-ident03_task-tomloc2_run-02_echo-5_bold.nii.gz"
	]
}