{
	"Modality": "MR",
	"MagneticFieldStrength": 3,
	"ImagingFrequency": 123.253,
	"Manufacturer": "Siemens",
	"ManufacturersModelName": "Prisma_fit",
	"InstitutionName": "CBIC",
	"InstitutionalDepartmentName": "Department",
	"InstitutionAddress": "E_72nd_Street_516_NYC_NYC_US_10021",
	"DeviceSerialNumber": "67080",
	"StationName": "MRTRIO3TX72",
	"BodyPartExamined": "BRAIN",
	"PatientPosition": "HFS",
	"ProcedureStepDescription": "ROCKEFELLER_FREIWALD",
	"SoftwareVersions": "syngo_MR_E11",
	"MRAcquisitionType": "2D",
	"SeriesDescription": "SpinEchoFieldMap_PA_2p4x2p5mm_48Slice",
	"ProtocolName": "SpinEchoFieldMap_PA_2p4x2p5mm_48Slice",
	"ScanningSequence": "EP",
	"SequenceVariant": "SK_SP",
	"ScanOptions": "PFP_FS",
	"SequenceName": "_epse2d1_84",
	"ImageType": [
		"ORIGINAL",
		"PRIMARY",
		"M",
		"ND"
	],
	"SeriesNumber": 17,
	"AcquisitionTime": "12:22:44.200000",
	"AcquisitionNumber": 1,
	"SliceThickness": 2.5,
	"SpacingBetweenSlices": 2.5,
	"SAR": 0.02795,
	"EchoTime": 0.075,
	"RepetitionTime": 7.08,
	"FlipAngle": 90,
	"PartialFourier": 0.875,
	"BaseResolution": 84,
	"ShimSetting": [196,-10405,-5555,526,-57,-66,10,25],
	"TxRefAmp": 250.853,
	"PhaseResolution": 1,
	"ReceiveCoilName": "Head_32",
	"ReceiveCoilActiveElements": "HEA;HEP",
	"PulseSequenceDetails": "%SiemensSeq%_ep2d_se",
	"RefLinesPE": 24,
	"ConsistencyInfo": "N4_VE11B_LATEST_20150530",
	"PercentPhaseFOV": 100,
	"PercentSampling": 100,
	"EchoTrainLength": 36,
	"PhaseEncodingSteps": 73,
	"AcquisitionMatrixPE": 84,
	"ReconMatrixPE": 84,
	"BandwidthPerPixelPhaseEncode": 46.685,
	"ParallelReductionFactorInPlane": 2,
	"EffectiveEchoSpacing": 0.000255002,
	"DerivedVendorReportedEchoSpacing": 0.000510004,
	"TotalReadoutTime": 0.0211652,
	"PixelBandwidth": 2705,
	"DwellTime": 2.2e-06,
	"PhaseEncodingDirection": "j",
	"SliceTiming": [0,9.25,18.5,0.4375,9.695309999999999,18.9453,0.88281,10.1328,19.3906,1.32812,10.5781,19.8281,1.76562,11.0156,20.2734,2.21094,11.4609,20.7109,2.64844,11.9062,21.1562,3.09375,12.3438,21.6016,3.53906,12.7891,22.0391,3.97656,13.2344,22.4844,4.42188,13.6719,22.9297,4.86719,14.1172,23.3672,5.30469,14.5625,23.8125,5.75,15,24.2578,6.19531,15.4453,24.6953,6.63281,15.8906,25.1406],
	"ImageOrientationPatientDICOM": [0.998574,-0.00745549,0.0528587,2.22837e-08,0.9901990000000001,0.139663],
	"InPlanePhaseEncodingDirectionDICOM": "COL",
	"ConversionSoftware": "dcm2niix",
	"ConversionSoftwareVersion": "v1.0.20200331",
	"IntendedFor": [
		"func/sub-ident03_task-famvisual_run-03_echo-1_sbref.nii.gz",
		"func/sub-ident03_task-famvisual_run-03_echo-2_sbref.nii.gz",
		"func/sub-ident03_task-famvisual_run-03_echo-3_sbref.nii.gz",
		"func/sub-ident03_task-famvisual_run-03_echo-4_sbref.nii.gz",
		"func/sub-ident03_task-famvisual_run-03_echo-5_sbref.nii.gz",
		"func/sub-ident03_task-famvisual_run-03_echo-1_bold.nii.gz",
		"func/sub-ident03_task-famvisual_run-03_echo-2_bold.nii.gz",
		"func/sub-ident03_task-famvisual_run-03_echo-3_bold.nii.gz",
		"func/sub-ident03_task-famvisual_run-03_echo-4_bold.nii.gz",
		"func/sub-ident03_task-famvisual_run-03_echo-5_bold.nii.gz",
		"func/sub-ident03_task-famvisual_run-04_echo-1_sbref.nii.gz",
		"func/sub-ident03_task-famvisual_run-04_echo-2_sbref.nii.gz",
		"func/sub-ident03_task-famvisual_run-04_echo-3_sbref.nii.gz",
		"func/sub-ident03_task-famvisual_run-04_echo-4_sbref.nii.gz",
		"func/sub-ident03_task-famvisual_run-04_echo-5_sbref.nii.gz",
		"func/sub-ident03_task-famvisual_run-04_echo-1_bold.nii.gz",
		"func/sub-ident03_task-famvisual_run-04_echo-2_bold.nii.gz",
		"func/sub-ident03_task-famvisual_run-04_echo-3_bold.nii.gz",
		"func/sub-ident03_task-famvisual_run-04_echo-4_bold.nii.gz",
		"func/sub-ident03_task-famvisual_run-04_echo-5_bold.nii.gz",
		"func/sub-ident03_task-tomloc2_run-03_echo-1_sbref.nii.gz",
		"func/sub-ident03_task-tomloc2_run-03_echo-2_sbref.nii.gz",
		"func/sub-ident03_task-tomloc2_run-03_echo-3_sbref.nii.gz",
		"func/sub-ident03_task-tomloc2_run-03_echo-4_sbref.nii.gz",
		"func/sub-ident03_task-tomloc2_run-03_echo-5_sbref.nii.gz",
		"func/sub-ident03_task-tomloc2_run-03_echo-1_bold.nii.gz",
		"func/sub-ident03_task-tomloc2_run-03_echo-2_bold.nii.gz",
		"func/sub-ident03_task-tomloc2_run-03_echo-3_bold.nii.gz",
		"func/sub-ident03_task-tomloc2_run-03_echo-4_bold.nii.gz",
		"func/sub-ident03_task-tomloc2_run-03_echo-5_bold.nii.gz",
		"func/sub-ident03_task-tomloc2_run-04_echo-1_sbref.nii.gz",
		"func/sub-ident03_task-tomloc2_run-04_echo-2_sbref.nii.gz",
		"func/sub-ident03_task-tomloc2_run-04_echo-3_sbref.nii.gz",
		"func/sub-ident03_task-tomloc2_run-04_echo-4_sbref.nii.gz",
		"func/sub-ident03_task-tomloc2_run-04_echo-5_sbref.nii.gz",
		"func/sub-ident03_task-tomloc2_run-04_echo-1_bold.nii.gz",
		"func/sub-ident03_task-tomloc2_run-04_echo-2_bold.nii.gz",
		"func/sub-ident03_task-tomloc2_run-04_echo-3_bold.nii.gz",
		"func/sub-ident03_task-tomloc2_run-04_echo-4_bold.nii.gz",
		"func/sub-ident03_task-tomloc2_run-04_echo-5_bold.nii.gz"
	]
}